GEM
  remote: http://rubygems.org/
  remote: http://gemcutter.org/
  specs:
    RedCloth (4.2.7)
    abstract (1.0.0)
    actionmailer (3.0.4)
      actionpack (= 3.0.4)
      mail (~> 2.2.15)
    actionpack (3.0.4)
      activemodel (= 3.0.4)
      activesupport (= 3.0.4)
      builder (~> 2.1.2)
      erubis (~> 2.6.6)
      i18n (~> 0.4)
      rack (~> 1.2.1)
      rack-mount (~> 0.6.13)
      rack-test (~> 0.5.7)
      tzinfo (~> 0.3.23)
    active-fedora (2.1.0)
      active-fedora
      activeresource
      equivalent-xml
      mediashelf-loggable
      mime-types (>= 1.16)
      multipart-post
      nokogiri
      om (>= 1.0)
      solr-ruby (>= 0.0.6)
      solrizer (> 1.0.0)
      xml-simple (>= 1.0.12)
    activemodel (3.0.4)
      activesupport (= 3.0.4)
      builder (~> 2.1.2)
      i18n (~> 0.4)
    activerecord (3.0.4)
      activemodel (= 3.0.4)
      activesupport (= 3.0.4)
      arel (~> 2.0.2)
      tzinfo (~> 0.3.23)
    activeresource (3.0.4)
      activemodel (= 3.0.4)
      activesupport (= 3.0.4)
    activesupport (3.0.4)
    arel (2.0.9)
    authlogic (2.1.6)
      activesupport
    block_helpers (0.3.3)
      activesupport (>= 2.0)
    builder (2.1.2)
    columnize (0.3.2)
    crack (0.1.8)
    cucumber (0.10.2)
      builder (>= 2.1.2)
      diff-lcs (>= 1.1.2)
      gherkin (>= 2.3.5)
      json (>= 1.4.6)
      term-ansicolor (>= 1.0.5)
    cucumber-rails (0.3.2)
      cucumber (>= 0.8.0)
    curb (0.7.15)
    daemons (1.1.3)
    database_cleaner (0.6.7)
    diff-lcs (1.1.2)
    equivalent-xml (0.2.6)
      nokogiri (>= 1.4.3)
    erubis (2.6.6)
      abstract (>= 1.0.0)
    facets (2.8.4)
    gherkin (2.3.6)
      json (>= 1.4.6)
    haml (3.0.25)
    httparty (0.7.7)
      crack (= 0.1.8)
    i18n (0.5.0)
    json (1.5.1)
    json_pure (1.5.1)
    linecache (0.43)
    mail (2.2.17)
      activesupport (>= 2.3.6)
      i18n (>= 0.4.0)
      mime-types (~> 1.16)
      treetop (~> 1.4.8)
    marc (0.4.1)
    mediashelf-loggable (0.4.2)
    mime-types (1.16)
    mocha (0.9.12)
    multipart-post (1.1.0)
    nokogiri (1.4.3.1)
    om (1.2.3)
      nokogiri (>= 1.4.2)
      om
    polyglot (0.3.1)
    rack (1.2.2)
    rack-mount (0.6.14)
      rack (>= 1.0.0)
    rack-test (0.5.7)
      rack (>= 1.0)
    rails (3.0.4)
      actionmailer (= 3.0.4)
      actionpack (= 3.0.4)
      activerecord (= 3.0.4)
      activeresource (= 3.0.4)
      activesupport (= 3.0.4)
      bundler (~> 1.0)
      railties (= 3.0.4)
    railties (3.0.4)
      actionpack (= 3.0.4)
      activesupport (= 3.0.4)
      rake (>= 0.8.7)
      thor (~> 0.14.4)
    rake (0.8.7)
    rcov (0.9.9)
    rsolr (0.12.1)
      builder (>= 2.1.2)
    rsolr-ext (0.12.1)
      rsolr (>= 0.12.1)
    rspec (1.3.2)
    rspec-rails (1.3.4)
      rack (>= 1.0.0)
      rspec (~> 1.3.1)
    ruby-debug (0.10.4)
      columnize (>= 0.1)
      ruby-debug-base (~> 0.10.4.0)
    ruby-debug-base (0.10.4)
      linecache (>= 0.3)
    ruby-debug-ide (0.4.16)
      rake (>= 0.8.1)
    solr-ruby (0.0.8)
    solrizer (1.0.3)
      daemons
      mediashelf-loggable
      mediashelf-loggable
      nokogiri
      nokogiri
      nokogiri
      om
      om (>= 1.0.0)
      stomp
      xml-simple
    solrizer-fedora (1.0.2)
      active-fedora (>= 2.0.0)
      rsolr
      solrizer (>= 1.0.0)
    sqlite3-ruby (1.2.5)
    stomp (1.1.8)
    term-ansicolor (1.0.5)
    thor (0.14.6)
    treetop (1.4.9)
      polyglot (>= 0.3.1)
    trollop (1.16.2)
    tzinfo (0.3.26)
    webrat (0.7.3)
      nokogiri (>= 1.2.0)
      rack (>= 1.0)
      rack-test (>= 0.5.3)
    will_paginate (2.3.15)
    xml-simple (1.0.15)
    yard (0.6.8)

PLATFORMS
  ruby

DEPENDENCIES
  RedCloth
  active-fedora (= 2.1.0)
  authlogic (>= 0.1.0)
  block_helpers
  builder
  columnize
  crack
  cucumber (>= 0.8.5)
  cucumber-rails
  curb
  database_cleaner
  diff-lcs
  facets (= 2.8.4)
  gherkin
  haml
  httparty
  json_pure (> 1.4.3)
  linecache
  marc
  mime-types
  mocha
  multipart-post
  nokogiri (= 1.4.3.1)
  om (>= 1.0.1)
  rack
  rack-test
  rails (= 3.0.4)
  rake
  rcov
  rsolr (= 0.12.1)
  rsolr-ext (= 0.12.1)
  rspec (< 2.0.0)
  rspec-rails (< 2.0.0)
  ruby-debug
  ruby-debug-base
  ruby-debug-ide
  solr-ruby
  solrizer (>= 0.3.1)
  solrizer-fedora (>= 0.1.1)
  sqlite3-ruby (= 1.2.5)
  term-ansicolor
  trollop
  webrat
  will_paginate
  xml-simple
  yard
